GEM
  remote: https://rubygems.org/
  specs:
    addressable (2.7.0)
      public_suffix (>= 2.0.2, < 4.0)
    colorator (1.1.0)
    ffi (1.9.23-x64-mingw32)
    forwardable-extended (2.6.0)
    jekyll (4.2.1)
      addressable (~> 2.5)
      colorator (~> 1.0)
      jekyll-sass-converter (~> 2.0)
      jekyll-watch (~> 2.0)
      kramdown (~> 2.3)
      liquid (~> 5.0)
      mercenary (~> 0.4)
      pathutil (~> 0.11)
      rouge (~> 3.0)
      safe_yaml (~> 1.0)
    jekyll-feed (0.12.1)
      jekyll (>= 3.0, < 5.0)
    jekyll-sass-converter (2.1.0)
      sass (~> 3.7)
    jekyll-seo-tag (2.6.1)
      jekyll (>= 3.0, < 5.0)
    jekyll-watch (2.2.1)
      listen (~> 3.0)
    kramdown (2.3.0)
    liquid (5.0.0)
    listen (3.7.0)
      rb-fsevent (~> 0.11, >= 0.11.0)
      rb-inotify (~> 0.10, >= 0.10.1)
      ruby_dep (~> 1.5)
    mercenary (0.4.0)
    minima (2.5.1)
      jekyll (>= 4.2, < 5.0)
      jekyll-feed (~> 0.12)
      jekyll-seo-tag (~> 2.6)
    pathutil (0.11.0)
      forwardable-extended (~> 2.6)
    public_suffix (3.1.1)
    rb-fsevent (0.11.0)
    rb-inotify (0.10.1)
    rouge (3.26.0)
    safe_yaml (1.0.5)
    sass (3.7.4)
      sass-listen (~> 4.0.0)
    sass-listen (4.0.0)
      rb-fsevent (~> 0.11, >= 0.11.0)
      rb-inotify (~> 0.10, >= 0.10.1)
    thread_safe (0.3.6)
    tzinfo (1.2.10)
      thread_safe (~> 0.1)
    tzinfo-data (1.2020.1)
      tzinfo (>= 1.0.0)

PLATFORMS
  x64-mingw32

DEPENDENCIES
  jekyll (~> 4.2)
  jekyll-feed (~> 0.12)
  minima (~> 2.0)
  tzinfo-data

BUNDLED WITH
   1.16.0
